PATH
  remote: .
  specs:
    awrence (2.0.1)

GEM
  remote: https://rubygems.org/
  specs:
    ansi (1.5.0)
    ast (2.4.2)
    builder (3.2.4)
    byebug (11.1.3)
    json (2.6.3)
    minitest (5.18.0)
    minitest-fail-fast (0.1.0)
      minitest (~> 5)
    minitest-macos-notification (1.0.1)
      minitest (~> 5.14)
      minitest-reporters (~> 1.4)
      os (~> 1.0)
      terminal-notifier (~> 2.0)
    minitest-reporters (1.6.0)
      ansi
      builder
      minitest (>= 5.0)
      ruby-progressbar
    os (1.1.4)
    parallel (1.23.0)
    parser (3.2.2.1)
      ast (~> 2.4.1)
    rainbow (3.1.1)
    rake (13.0.6)
    regexp_parser (2.8.0)
    rexml (3.2.5)
    rubocop (1.51.0)
      json (~> 2.3)
      parallel (~> 1.10)
      parser (>= 3.2.0.0)
      rainbow (>= 2.2.2, < 4.0)
      regexp_parser (>= 1.8, < 3.0)
      rexml (>= 3.2.5, < 4.0)
      rubocop-ast (>= 1.28.0, < 2.0)
      ruby-progressbar (~> 1.7)
      unicode-display_width (>= 2.4.0, < 3.0)
    rubocop-ast (1.28.1)
      parser (>= 3.2.1.0)
    rubocop-minitest (0.30.0)
      rubocop (>= 1.39, < 2.0)
    rubocop-rake (0.6.0)
      rubocop (~> 1.0)
    ruby-progressbar (1.13.0)
    terminal-notifier (2.0.0)
    unicode-display_width (2.4.2)

PLATFORMS
  ruby

DEPENDENCIES
  awrence!
  byebug (~> 11.1)
  minitest (~> 5.18)
  minitest-fail-fast (~> 0.1)
  minitest-macos-notification (~> 1.0)
  minitest-reporters (~> 1.6)
  rake (~> 13.0)
  rubocop (~> 1.51)
  rubocop-minitest (~> 0.30)
  rubocop-rake (~> 0.5)

BUNDLED WITH
   2.4.1
