PATH
  remote: .
  specs:
    awrence (2.0.1)

GEM
  remote: https://rubygems.org/
  specs:
    ansi (1.5.0)
    ast (2.4.2)
    builder (3.2.4)
    byebug (11.1.3)
    minitest (5.15.0)
    minitest-fail-fast (0.1.0)
      minitest (~> 5)
    minitest-macos-notification (1.0.1)
      minitest (~> 5.14)
      minitest-reporters (~> 1.4)
      os (~> 1.0)
      terminal-notifier (~> 2.0)
    minitest-reporters (1.5.0)
      ansi
      builder
      minitest (>= 5.0)
      ruby-progressbar
    os (1.1.4)
    parallel (1.22.0)
    parser (3.1.1.0)
      ast (~> 2.4.1)
    rainbow (3.1.1)
    rake (13.0.6)
    regexp_parser (2.2.1)
    rexml (3.2.5)
    rubocop (1.26.1)
      parallel (~> 1.10)
      parser (>= 3.1.0.0)
      rainbow (>= 2.2.2, < 4.0)
      regexp_parser (>= 1.8, < 3.0)
      rexml
      rubocop-ast (>= 1.16.0, < 2.0)
      ruby-progressbar (~> 1.7)
      unicode-display_width (>= 1.4.0, < 3.0)
    rubocop-ast (1.16.0)
      parser (>= 3.1.1.0)
    rubocop-minitest (0.18.0)
      rubocop (>= 0.90, < 2.0)
    rubocop-rake (0.6.0)
      rubocop (~> 1.0)
    ruby-progressbar (1.11.0)
    terminal-notifier (2.0.0)
    unicode-display_width (2.1.0)

PLATFORMS
  ruby

DEPENDENCIES
  awrence!
  byebug (~> 11.1)
  minitest (~> 5.14)
  minitest-fail-fast (~> 0.1)
  minitest-macos-notification (~> 1.0)
  minitest-reporters (~> 1.4)
  rake (~> 13.0)
  rubocop (~> 1.26)
  rubocop-minitest (~> 0.18)
  rubocop-rake (~> 0.5)

BUNDLED WITH
   2.2.33
