PATH
  remote: .
  specs:
    awrence (1.2.1)

GEM
  remote: https://rubygems.org/
  specs:
    ansi (1.5.0)
    ast (2.4.2)
    builder (3.2.4)
    byebug (11.1.3)
    minitest (5.14.4)
    minitest-fail-fast (0.1.0)
      minitest (~> 5)
    minitest-macos-notification (0.4.0)
      minitest (~> 5.14)
      minitest-reporters (~> 1.4)
      os (~> 1.0)
      terminal-notifier (~> 2.0)
    minitest-reporters (1.4.3)
      ansi
      builder
      minitest (>= 5.0)
      ruby-progressbar
    os (1.1.1)
    parallel (1.21.0)
    parser (3.0.2.0)
      ast (~> 2.4.1)
    rainbow (3.0.0)
    rake (13.0.6)
    regexp_parser (2.1.1)
    rexml (3.2.5)
    rubocop (1.22.3)
      parallel (~> 1.10)
      parser (>= 3.0.0.0)
      rainbow (>= 2.2.2, < 4.0)
      regexp_parser (>= 1.8, < 3.0)
      rexml
      rubocop-ast (>= 1.12.0, < 2.0)
      ruby-progressbar (~> 1.7)
      unicode-display_width (>= 1.4.0, < 3.0)
    rubocop-ast (1.12.0)
      parser (>= 3.0.1.1)
    rubocop-minitest (0.15.2)
      rubocop (>= 0.90, < 2.0)
    rubocop-rake (0.6.0)
      rubocop (~> 1.0)
    ruby-progressbar (1.11.0)
    terminal-notifier (2.0.0)
    unicode-display_width (2.1.0)

PLATFORMS
  ruby

DEPENDENCIES
  awrence!
  byebug (~> 11.1)
  minitest (~> 5.14)
  minitest-fail-fast (~> 0.1)
  minitest-macos-notification (~> 0.3)
  minitest-reporters (~> 1.4)
  rake (~> 13.0)
  rubocop (~> 1.7)
  rubocop-minitest (~> 0.10)
  rubocop-rake (~> 0.5)

BUNDLED WITH
   2.2.17
