PATH
  remote: .
  specs:
    awrence (3.0.0)

GEM
  remote: https://rubygems.org/
  specs:
    ansi (1.5.0)
    ast (2.4.2)
    builder (3.2.4)
    byebug (11.1.3)
    json (2.7.2)
    language_server-protocol (3.17.0.3)
    minitest (5.23.1)
    minitest-fail-fast (0.1.0)
      minitest (~> 5)
    minitest-macos-notification (2.0.0)
      minitest (~> 5.14)
      minitest-reporters (~> 1.4)
      os (~> 1.0)
      terminal-notifier (~> 2.0)
    minitest-reporters (1.6.1)
      ansi
      builder
      minitest (>= 5.0)
      ruby-progressbar
    os (1.1.4)
    parallel (1.24.0)
    parser (3.3.1.0)
      ast (~> 2.4.1)
      racc
    racc (1.8.0)
    rainbow (3.1.1)
    rake (13.2.1)
    regexp_parser (2.9.2)
    rexml (3.2.8)
      strscan (>= 3.0.9)
    rubocop (1.64.0)
      json (~> 2.3)
      language_server-protocol (>= 3.17.0)
      parallel (~> 1.10)
      parser (>= 3.3.0.2)
      rainbow (>= 2.2.2, < 4.0)
      regexp_parser (>= 1.8, < 3.0)
      rexml (>= 3.2.5, < 4.0)
      rubocop-ast (>= 1.31.1, < 2.0)
      ruby-progressbar (~> 1.7)
      unicode-display_width (>= 2.4.0, < 3.0)
    rubocop-ast (1.31.3)
      parser (>= 3.3.1.0)
    rubocop-minitest (0.35.0)
      rubocop (>= 1.61, < 2.0)
      rubocop-ast (>= 1.31.1, < 2.0)
    rubocop-rake (0.6.0)
      rubocop (~> 1.0)
    ruby-progressbar (1.13.0)
    strscan (3.1.0)
    terminal-notifier (2.0.0)
    unicode-display_width (2.5.0)

PLATFORMS
  ruby

DEPENDENCIES
  awrence!
  byebug (~> 11.1)
  minitest (~> 5.23)
  minitest-fail-fast (~> 0.1)
  minitest-macos-notification (~> 2.0)
  minitest-reporters (~> 1.6)
  rake (~> 13.2)
  rubocop (~> 1.64)
  rubocop-minitest (~> 0.35)
  rubocop-rake (~> 0.5)

BUNDLED WITH
   2.4.1
